GIT
  remote: https://github.com/rack/rack.git
  revision: f690bb71425aa31d7b9b3113829af773950d8ab5
  ref: f690bb71425aa31d7b9b3113829af773950d8ab5
  specs:
    rack (2.2.0)

GIT
  remote: https://github.com/rtomayko/posix-spawn
  revision: 58465d2e213991f8afb13b984854a49fcdcc980c
  ref: 58465d2e213991f8afb13b984854a49fcdcc980c
  specs:
    posix-spawn (0.3.13)

GIT
  remote: https://github.com/tmm1/http_parser.rb
  revision: 54b17ba8c7d8d20a16dfc65d1775241833219cf2
  ref: 54b17ba8c7d8d20a16dfc65d1775241833219cf2
  specs:
    http_parser.rb (0.6.1)

GIT
  remote: https://github.com/witgo/nilsimsa
  revision: fd184883048b922b176939f851338d0a4971a532
  ref: fd184883048b922b176939f851338d0a4971a532
  specs:
    nilsimsa (1.1.2)

GIT
  remote: https://monsterware.dev/monsterpit/blurhash.git
  revision: 8fbf184802b65d4a2c45ba1a1c2bad73916eeeec
  ref: 8fbf184802b65d4a2c45ba1a1c2bad73916eeeec
  specs:
    blurhash (0.1.4)
      ffi (~> 1.10.0)

GEM
  remote: https://rubygems.org/
  specs:
    actioncable (5.2.4.1)
      actionpack (= 5.2.4.1)
      nio4r (~> 2.0)
      websocket-driver (>= 0.6.1)
    actionmailer (5.2.4.1)
      actionpack (= 5.2.4.1)
      actionview (= 5.2.4.1)
      activejob (= 5.2.4.1)
      mail (~> 2.5, >= 2.5.4)
      rails-dom-testing (~> 2.0)
    actionpack (5.2.4.1)
      actionview (= 5.2.4.1)
      activesupport (= 5.2.4.1)
      rack (~> 2.0, >= 2.0.8)
      rack-test (>= 0.6.3)
      rails-dom-testing (~> 2.0)
      rails-html-sanitizer (~> 1.0, >= 1.0.2)
    actionview (5.2.4.1)
      activesupport (= 5.2.4.1)
      builder (~> 3.1)
      erubi (~> 1.4)
      rails-dom-testing (~> 2.0)
      rails-html-sanitizer (~> 1.0, >= 1.0.3)
    active_model_serializers (0.10.10)
      actionpack (>= 4.1, < 6.1)
      activemodel (>= 4.1, < 6.1)
      case_transform (>= 0.2)
      jsonapi-renderer (>= 0.1.1.beta1, < 0.3)
    active_record_query_trace (1.7)
    activejob (5.2.4.1)
      activesupport (= 5.2.4.1)
      globalid (>= 0.3.6)
    activemodel (5.2.4.1)
      activesupport (= 5.2.4.1)
    activerecord (5.2.4.1)
      activemodel (= 5.2.4.1)
      activesupport (= 5.2.4.1)
      arel (>= 9.0)
    activestorage (5.2.4.1)
      actionpack (= 5.2.4.1)
      activerecord (= 5.2.4.1)
      marcel (~> 0.3.1)
    activesupport (5.2.4.1)
      concurrent-ruby (~> 1.0, >= 1.0.2)
      i18n (>= 0.7, < 2)
      minitest (~> 5.1)
      tzinfo (~> 1.1)
    addressable (2.7.0)
      public_suffix (>= 2.0.2, < 5.0)
    airbrussh (1.4.0)
      sshkit (>= 1.6.1, != 1.7.0)
    annotate (2.7.5)
      activerecord (>= 3.2, < 7.0)
      rake (>= 10.4, < 13.0)
    arel (9.0.0)
    ast (2.4.0)
    attr_encrypted (3.1.0)
      encryptor (~> 3.0.0)
    av (0.9.0)
      cocaine (~> 0.5.3)
    aws-eventstream (1.0.3)
    aws-partitions (1.275.0)
    aws-sdk-core (3.90.1)
      aws-eventstream (~> 1.0, >= 1.0.2)
      aws-partitions (~> 1, >= 1.239.0)
      aws-sigv4 (~> 1.1)
      jmespath (~> 1.0)
    aws-sdk-kms (1.29.0)
      aws-sdk-core (~> 3, >= 3.71.0)
      aws-sigv4 (~> 1.1)
    aws-sdk-s3 (1.60.2)
      aws-sdk-core (~> 3, >= 3.83.0)
      aws-sdk-kms (~> 1)
      aws-sigv4 (~> 1.1)
    aws-sigv4 (1.1.0)
      aws-eventstream (~> 1.0, >= 1.0.2)
    axiom-types (0.1.1)
      descendants_tracker (~> 0.0.4)
      ice_nine (~> 0.11.0)
      thread_safe (~> 0.3, >= 0.3.1)
    bcrypt (3.1.13)
    benchmark-ips (2.7.2)
    better_errors (2.5.1)
      coderay (>= 1.0.0)
      erubi (>= 1.0.0)
      rack (>= 0.9.0)
    binding_of_caller (0.8.0)
      debug_inspector (>= 0.0.1)
    bootsnap (1.4.5)
      msgpack (~> 1.0)
    brakeman (4.8.0)
    browser (3.0.3)
    builder (3.2.4)
    bullet (6.1.0)
      activesupport (>= 3.0.0)
      uniform_notifier (~> 1.11)
    bundler-audit (0.6.1)
      bundler (>= 1.2.0, < 3)
      thor (~> 0.18)
    byebug (11.1.1)
    capistrano (3.12.0)
      airbrussh (>= 1.0.0)
      i18n
      rake (>= 10.0.0)
      sshkit (>= 1.9.0)
    capistrano-bundler (1.6.0)
      capistrano (~> 3.1)
    capistrano-rails (1.4.0)
      capistrano (~> 3.1)
      capistrano-bundler (~> 1.1)
    capistrano-rbenv (2.1.6)
      capistrano (~> 3.1)
      sshkit (~> 1.3)
    capistrano-yarn (2.0.2)
      capistrano (~> 3.0)
    capybara (3.31.0)
      addressable
      mini_mime (>= 0.1.3)
      nokogiri (~> 1.8)
      rack (>= 1.6.0)
      rack-test (>= 0.6.3)
      regexp_parser (~> 1.5)
      xpath (~> 3.2)
    case_transform (0.2)
      activesupport
    charlock_holmes (0.7.7)
    chewy (5.1.0)
      activesupport (>= 4.0)
      elasticsearch (>= 2.0.0)
      elasticsearch-dsl
    chunky_png (1.3.11)
    climate_control (0.2.0)
    cocaine (0.5.8)
      climate_control (>= 0.0.3, < 1.0)
    codeclimate-engine-rb (0.3.1)
      virtus (~> 1.0)
    coderay (1.1.2)
    coercible (1.0.0)
      descendants_tracker (~> 0.0.1)
    concurrent-ruby (1.1.6)
    connection_pool (2.2.2)
    crack (0.4.3)
      safe_yaml (~> 1.0.0)
    crass (1.0.6)
    css_parser (1.7.1)
      addressable
    debug_inspector (0.0.3)
    derailed_benchmarks (1.6.0)
      benchmark-ips (~> 2)
      get_process_mem (~> 0)
      heapy (~> 0)
      memory_profiler (~> 0)
      rack (>= 1)
      rake (> 10, < 14)
      ruby-statistics (>= 2.1)
      thor (>= 0.19, < 2)
    descendants_tracker (0.0.4)
      thread_safe (~> 0.3, >= 0.3.1)
    devise (4.7.1)
      bcrypt (~> 3.0)
      orm_adapter (~> 0.1)
      railties (>= 4.1.0)
      responders
      warden (~> 1.2.3)
    devise-two-factor (3.1.0)
      activesupport (< 6.1)
      attr_encrypted (>= 1.3, < 4, != 2)
      devise (~> 4.0)
      railties (< 6.1)
      rotp (~> 2.0)
    devise_pam_authenticatable2 (9.2.0)
      devise (>= 4.0.0)
      rpam2 (~> 4.0)
    diff-lcs (1.3)
    docile (1.3.2)
    domain_name (0.5.20190701)
      unf (>= 0.0.5, < 1.0.0)
    doorkeeper (5.3.1)
      railties (>= 5)
    dotenv (2.7.5)
    dotenv-rails (2.7.5)
      dotenv (= 2.7.5)
      railties (>= 3.2, < 6.1)
    e2mmap (0.1.0)
    elasticsearch (7.4.0)
      elasticsearch-api (= 7.4.0)
      elasticsearch-transport (= 7.4.0)
    elasticsearch-api (7.4.0)
      multi_json
    elasticsearch-dsl (0.1.9)
    elasticsearch-transport (7.4.0)
      faraday
      multi_json
    encryptor (3.0.0)
    equalizer (0.0.11)
    equatable (0.6.1)
    erubi (1.9.0)
    et-orbi (1.2.2)
      tzinfo
    excon (0.72.0)
    fabrication (2.21.0)
    faker (1.9.6)
      i18n (>= 0.7)
    faraday (1.0.0)
      multipart-post (>= 1.2, < 3)
    fast_blank (1.0.0)
    fast_stack (0.2.0)
    fastimage (2.1.7)
    ffi (1.10.0)
    ffi (1.10.0-x64-mingw32)
    fog-core (2.1.0)
      builder
      excon (~> 0.58)
      formatador (~> 0.2)
      mime-types
    fog-json (1.2.0)
      fog-core
      multi_json (~> 1.10)
    fog-openstack (0.3.10)
      fog-core (>= 1.45, <= 2.1.0)
      fog-json (>= 1.0)
      ipaddress (>= 0.8)
    formatador (0.2.5)
    fugit (1.3.3)
      et-orbi (~> 1.1, >= 1.1.8)
      raabro (~> 1.1)
    fuubar (2.5.0)
      rspec-core (~> 3.0)
      ruby-progressbar (~> 1.4)
    get_process_mem (0.2.5)
      ffi (~> 1.0)
    globalid (0.4.2)
      activesupport (>= 4.2.0)
    goldfinger (2.1.0)
      addressable (~> 2.5)
      http (~> 3.0)
      nokogiri (~> 1.8)
      oj (~> 3.0)
    hamlit (2.11.0)
      temple (>= 0.8.2)
      thor
      tilt
    hamlit-rails (0.2.3)
      actionpack (>= 4.0.1)
      activesupport (>= 4.0.1)
      hamlit (>= 1.2.0)
      railties (>= 4.0.1)
    hamster (3.0.0)
      concurrent-ruby (~> 1.0)
    hashdiff (1.0.0)
    hashie (3.6.0)
    heapy (0.1.4)
    highline (2.0.3)
    hiredis (0.6.3)
    hkdf (0.3.0)
    html2text (0.3.1)
      nokogiri (~> 1.10.3)
    htmlentities (4.3.4)
    http (3.3.0)
      addressable (~> 2.3)
      http-cookie (~> 1.0)
      http-form_data (~> 2.0)
      http_parser.rb (~> 0.6.0)
    http-cookie (1.0.3)
      domain_name (~> 0.5)
    http-form_data (2.2.0)
    http_accept_language (2.1.1)
    httplog (1.4.2)
      rack (>= 1.0)
      rainbow (>= 2.0.0)
    i18n (1.8.2)
      concurrent-ruby (~> 1.0)
    i18n-tasks (0.9.30)
      activesupport (>= 4.0.2)
      ast (>= 2.1.0)
      erubi
      highline (>= 2.0.0)
      i18n
      parser (>= 2.2.3.0)
      rails-i18n
      rainbow (>= 2.2.2, < 4.0)
      terminal-table (>= 1.5.1)
    ice_nine (0.11.2)
    idn-ruby (0.1.0)
    ipaddress (0.8.3)
    iso-639 (0.2.8)
    jaro_winkler (1.5.4)
    jmespath (1.4.0)
    json (2.3.0)
    json-canonicalization (0.2.0)
    json-ld (3.1.1)
      htmlentities (~> 4.3)
      json-canonicalization (~> 0.2)
      link_header (~> 0.0, >= 0.0.8)
      multi_json (~> 1.14)
      rack (~> 2.0)
      rdf (~> 3.1)
    json-ld-preloaded (3.1.1)
      json-ld (~> 3.1)
      rdf (~> 3.1)
    jsonapi-renderer (0.2.2)
    jwt (2.2.1)
    kaminari (1.2.0)
      activesupport (>= 4.1.0)
      kaminari-actionview (= 1.2.0)
      kaminari-activerecord (= 1.2.0)
      kaminari-core (= 1.2.0)
    kaminari-actionview (1.2.0)
      actionview
      kaminari-core (= 1.2.0)
    kaminari-activerecord (1.2.0)
      activerecord
      kaminari-core (= 1.2.0)
    kaminari-core (1.2.0)
    launchy (2.4.3)
      addressable (~> 2.3)
    letter_opener (1.7.0)
      launchy (~> 2.2)
    letter_opener_web (1.4.0)
      actionmailer (>= 3.2)
      letter_opener (~> 1.0)
      railties (>= 3.2)
    link_header (0.0.8)
    lograge (0.11.2)
      actionpack (>= 4)
      activesupport (>= 4)
      railties (>= 4)
      request_store (~> 1.0)
    loofah (2.4.0)
      crass (~> 1.0.2)
      nokogiri (>= 1.5.9)
    mail (2.7.1)
      mini_mime (>= 0.1.1)
    makara (0.4.1)
      activerecord (>= 3.0.0)
    marcel (0.3.3)
      mimemagic (~> 0.3.2)
    mario-redis-lock (1.2.1)
      redis (>= 3.0.5)
    memory_profiler (0.9.14)
    method_source (0.9.2)
    microformats (4.2.0)
      json (~> 2.2)
      nokogiri (~> 1.10)
    mime-types (3.3.1)
      mime-types-data (~> 3.2015)
    mime-types-data (3.2019.1009)
    mimemagic (0.3.4)
    mini_mime (1.0.2)
    mini_portile2 (2.4.0)
    minitest (5.14.0)
    msgpack (1.3.3)
    msgpack (1.3.3-x64-mingw32)
    multi_json (1.14.1)
    multipart-post (2.1.1)
    necromancer (0.5.1)
    net-ldap (0.16.2)
    net-scp (2.0.0)
      net-ssh (>= 2.6.5, < 6.0.0)
    net-ssh (5.2.0)
    nio4r (2.5.2)
    nokogiri (1.10.8)
      mini_portile2 (~> 2.4.0)
    nokogiri (1.10.8-x64-mingw32)
      mini_portile2 (~> 2.4.0)
    nokogumbo (2.0.2)
      nokogiri (~> 1.8, >= 1.8.4)
    nsa (0.2.7)
      activesupport (>= 4.2, < 6)
      concurrent-ruby (~> 1.0, >= 1.0.2)
      sidekiq (>= 3.5)
      statsd-ruby (~> 1.4, >= 1.4.0)
    oj (3.10.2)
    omniauth (1.9.0)
      hashie (>= 3.4.6, < 3.7.0)
      rack (>= 1.6.2, < 3)
    omniauth-cas (1.1.1)
      addressable (~> 2.3)
      nokogiri (~> 1.5)
      omniauth (~> 1.2)
    omniauth-saml (1.10.1)
      omniauth (~> 1.3, >= 1.3.2)
      ruby-saml (~> 1.7)
    orm_adapter (0.5.0)
    ox (2.13.2)
    paperclip (6.1.0)
      activemodel (>= 4.2.0)
      activesupport (>= 4.2.0)
      mime-types
      mimemagic (~> 0.3.0)
      terrapin (~> 0.6.0)
    paperclip-av-transcoder (0.6.4)
      av (~> 0.9.0)
      paperclip (>= 2.5.2)
    parallel (1.19.1)
    parallel_tests (2.31.0)
      parallel
    parser (2.7.0.2)
      ast (~> 2.4.0)
    pastel (0.7.3)
      equatable (~> 0.6)
      tty-color (~> 0.5)
    pg (1.2.2)
    pg (1.2.2-x64-mingw32)
    pghero (2.4.1)
      activerecord (>= 5)
    pkg-config (1.4.1)
    premailer (1.11.1)
      addressable
      css_parser (>= 1.6.0)
      htmlentities (>= 4.0.0)
    premailer-rails (1.10.3)
      actionmailer (>= 3)
      premailer (~> 1.7, >= 1.7.9)
    private_address_check (0.5.0)
    pry (0.12.2)
      coderay (~> 1.1.0)
      method_source (~> 0.9.0)
    pry-byebug (3.8.0)
      byebug (~> 11.0)
      pry (~> 0.10)
    pry-rails (0.3.9)
      pry (>= 0.10.4)
    public_suffix (4.0.3)
    puma (4.3.1)
      nio4r (~> 2.0)
    pundit (2.1.0)
      activesupport (>= 3.0.0)
    raabro (1.1.6)
    rack-attack (6.2.2)
      rack (>= 1.0, < 3)
    rack-cors (1.1.1)
      rack (>= 2.0.0)
    rack-protection (2.0.8.1)
      rack
    rack-proxy (0.6.5)
      rack
    rack-test (1.1.0)
      rack (>= 1.0, < 3)
    rails (5.2.4.1)
      actioncable (= 5.2.4.1)
      actionmailer (= 5.2.4.1)
      actionpack (= 5.2.4.1)
      actionview (= 5.2.4.1)
      activejob (= 5.2.4.1)
      activemodel (= 5.2.4.1)
      activerecord (= 5.2.4.1)
      activestorage (= 5.2.4.1)
      activesupport (= 5.2.4.1)
      bundler (>= 1.3.0)
      railties (= 5.2.4.1)
      sprockets-rails (>= 2.0.0)
    rails-controller-testing (1.0.4)
      actionpack (>= 5.0.1.x)
      actionview (>= 5.0.1.x)
      activesupport (>= 5.0.1.x)
    rails-dom-testing (2.0.3)
      activesupport (>= 4.2.0)
      nokogiri (>= 1.6)
    rails-html-sanitizer (1.3.0)
      loofah (~> 2.3)
    rails-i18n (5.1.3)
      i18n (>= 0.7, < 2)
      railties (>= 5.0, < 6)
    rails-settings-cached (0.7.2)
      rails (>= 4.2.0)
    railties (5.2.4.1)
      actionpack (= 5.2.4.1)
      activesupport (= 5.2.4.1)
      method_source
      rake (>= 0.8.7)
      thor (>= 0.19.0, < 2.0)
    rainbow (2.2.2)
      rake
    rake (12.3.3)
    rdf (3.1.1)
      hamster (~> 3.0)
      link_header (~> 0.0, >= 0.0.8)
    rdf-normalize (0.4.0)
      rdf (~> 3.1)
    redcarpet (3.5.0)
    redis (4.1.3)
    redis-actionpack (5.2.0)
      actionpack (>= 5, < 7)
      redis-rack (>= 2.1.0, < 3)
      redis-store (>= 1.1.0, < 2)
    redis-activesupport (5.2.0)
      activesupport (>= 3, < 7)
      redis-store (>= 1.3, < 2)
    redis-namespace (1.7.0)
      redis (>= 3.0.4)
    redis-rack (2.1.2)
      rack (>= 2.0.8, < 3)
      redis-store (>= 1.2, < 2)
    redis-rails (5.0.2)
      redis-actionpack (>= 5.0, < 6)
      redis-activesupport (>= 5.0, < 6)
      redis-store (>= 1.2, < 2)
    redis-store (1.8.1)
      redis (>= 4, < 5)
    reek (4.0.3)
      codeclimate-engine-rb (~> 0.3.1)
      parser (~> 2.3, >= 2.3.0.6)
      rainbow (~> 2.0)
    regexp_parser (1.6.0)
    request_store (1.5.0)
      rack (>= 1.4)
    responders (3.0.0)
      actionpack (>= 5.0)
      railties (>= 5.0)
    rexml (3.2.4)
    rotp (2.1.2)
    rpam2 (4.0.2)
    rqrcode (0.10.1)
      chunky_png (~> 1.0)
    rspec-core (3.9.1)
      rspec-support (~> 3.9.1)
    rspec-expectations (3.9.0)
      diff-lcs (>= 1.2.0, < 2.0)
      rspec-support (~> 3.9.0)
    rspec-mocks (3.9.1)
      diff-lcs (>= 1.2.0, < 2.0)
      rspec-support (~> 3.9.0)
    rspec-rails (3.9.0)
      actionpack (>= 3.0)
      activesupport (>= 3.0)
      railties (>= 3.0)
      rspec-core (~> 3.9.0)
      rspec-expectations (~> 3.9.0)
      rspec-mocks (~> 3.9.0)
      rspec-support (~> 3.9.0)
    rspec-sidekiq (3.0.3)
      rspec-core (~> 3.0, >= 3.0.0)
      sidekiq (>= 2.4.0)
    rspec-support (3.9.2)
    rubocop (0.80.0)
      jaro_winkler (~> 1.5.1)
      parallel (~> 1.10)
      parser (>= 2.7.0.1)
      rainbow (>= 2.2.2, < 4.0)
      rexml
      ruby-progressbar (~> 1.7)
      unicode-display_width (>= 1.4.0, < 1.7)
    rubocop-rails (2.4.2)
      rack (>= 1.1)
      rubocop (>= 0.72.0)
    ruby-bbcode (2.1.0)
      activesupport (>= 4.2.2)
    ruby-progressbar (1.10.1)
    ruby-saml (1.11.0)
      nokogiri (>= 1.5.10)
    ruby-statistics (2.1.1)
    rufus-scheduler (3.6.0)
      fugit (~> 1.1, >= 1.1.6)
    safe_yaml (1.0.5)
    sanitize (5.1.0)
      crass (~> 1.0.2)
      nokogiri (>= 1.8.0)
      nokogumbo (~> 2.0)
    sidekiq (5.2.7)
      connection_pool (~> 2.2, >= 2.2.2)
      rack (>= 1.5.0)
      rack-protection (>= 1.5.0)
      redis (>= 3.3.5, < 5)
    sidekiq-bulk (0.2.0)
      sidekiq
    sidekiq-scheduler (3.0.1)
      e2mmap
      redis (>= 3, < 5)
      rufus-scheduler (~> 3.2)
      sidekiq (>= 3)
      thwait
      tilt (>= 1.4.0)
    sidekiq-unique-jobs (6.0.18)
      concurrent-ruby (~> 1.0, >= 1.0.5)
      sidekiq (>= 4.0, < 7.0)
      thor (~> 0)
    simple-navigation (4.1.0)
      activesupport (>= 2.3.2)
    simple_form (4.1.0)
      actionpack (>= 5.0)
      activemodel (>= 5.0)
    simplecov (0.18.2)
      docile (~> 1.1)
      simplecov-html (~> 0.11)
    simplecov-html (0.12.0)
    sixarm_ruby_unaccent (1.2.0)
    sprockets (4.0.0)
      concurrent-ruby (~> 1.0)
      rack (> 1, < 3)
    sprockets-rails (3.2.1)
      actionpack (>= 4.0)
      activesupport (>= 4.0)
      sprockets (>= 3.0.0)
    sshkit (1.20.0)
      net-scp (>= 1.1.2)
      net-ssh (>= 2.8.0)
    statsd-ruby (1.4.0)
    stoplight (2.1.3)
    streamio-ffmpeg (3.0.2)
      multi_json (~> 1.8)
    strong_migrations (0.6.2)
      activerecord (>= 5)
    sun_calc (0.1.0)
    sys-proctable (1.2.2)
      ffi
    temple (0.8.2)
    terminal-table (1.8.0)
      unicode-display_width (~> 1.1, >= 1.1.1)
    terrapin (0.6.0)
      climate_control (>= 0.0.3, < 1.0)
    thor (0.20.3)
    thread_safe (0.3.6)
    thwait (0.1.0)
    tilt (2.0.10)
    tty-color (0.5.1)
    tty-command (0.9.0)
      pastel (~> 0.7.0)
    tty-cursor (0.7.1)
    tty-prompt (0.20.0)
      necromancer (~> 0.5.0)
      pastel (~> 0.7.0)
      tty-reader (~> 0.7.0)
    tty-reader (0.7.0)
      tty-cursor (~> 0.7)
      tty-screen (~> 0.7)
      wisper (~> 2.0.0)
    tty-screen (0.7.1)
    twitter-text (1.14.7)
      unf (~> 0.1.0)
    tzinfo (1.2.6)
      thread_safe (~> 0.1)
    tzinfo-data (1.2019.3)
      tzinfo (>= 1.0.0)
    unf (0.1.4)
      unf_ext
    unf_ext (0.0.7.6)
    unicode-display_width (1.6.1)
    uniform_notifier (1.13.0)
    virtus (1.0.5)
      axiom-types (~> 0.1)
      coercible (~> 1.0)
      descendants_tracker (~> 0.0, >= 0.0.3)
      equalizer (~> 0.0, >= 0.0.9)
    warden (1.2.8)
      rack (>= 2.0.6)
    webmock (3.8.2)
      addressable (>= 2.3.6)
      crack (>= 0.3.2)
      hashdiff (>= 0.4.0, < 2.0.0)
    webpacker (4.2.2)
      activesupport (>= 4.2)
      rack-proxy (>= 0.6.1)
      railties (>= 4.2)
    webpush (1.0.0)
      hkdf (~> 0.2)
      jwt (~> 2.0)
    websocket-driver (0.7.1)
      websocket-extensions (>= 0.1.0)
    websocket-extensions (0.1.4)
    wisper (2.0.1)
    xpath (3.2.0)
      nokogiri (~> 1.8)

PLATFORMS
  ruby
  x64-mingw32

DEPENDENCIES
  active_model_serializers (~> 0.10)
  active_record_query_trace (~> 1.6)
  addressable (~> 2.6)
  annotate (~> 2.7)
  aws-sdk-s3 (~> 1.41)
  better_errors (~> 2.5)
  binding_of_caller (~> 0.7)
  blurhash (~> 0.1)!
  bootsnap (~> 1.4)
  brakeman (~> 4.5)
  browser
  bullet (~> 6.0)
  bundler-audit (~> 0.6)
  capistrano (~> 3.11)
  capistrano-rails (~> 1.4)
  capistrano-rbenv (~> 2.1)
  capistrano-yarn (~> 2.0)
  capybara (~> 3.22)
  charlock_holmes (~> 0.7.6)
  chewy (~> 5.0)
  climate_control (~> 0.2)
  concurrent-ruby
  connection_pool
  derailed_benchmarks
  devise (~> 4.6)
  devise-two-factor (~> 3.0)
  devise_pam_authenticatable2 (~> 9.2)
  doorkeeper (~> 5.1)
  dotenv-rails (~> 2.7)
  fabrication (~> 2.20)
  faker (~> 1.9)
  fast_blank (~> 1.0)
  fast_stack
  fastimage
  fog-core (<= 2.1.0)
  fog-openstack (~> 0.3)
  fuubar (~> 2.4)
  goldfinger (~> 2.1)
  hamlit-rails (~> 0.2)
  hiredis (~> 0.6)
  html2text
  htmlentities (~> 4.3)
  http (~> 3.3)
  http_accept_language (~> 2.1)
  http_parser.rb (~> 0.6)!
  httplog (~> 1.3)
  i18n-tasks (~> 0.9)
  idn-ruby
  iso-639
  json-ld (~> 3.0)
  json-ld-preloaded (~> 3.0)
  kaminari (~> 1.1)
  letter_opener (~> 1.7)
  letter_opener_web (~> 1.3)
  link_header (~> 0.0)
  lograge (~> 0.11)
  makara (~> 0.4)
  mario-redis-lock (~> 1.2)
  memory_profiler
  microformats (~> 4.1)
  mime-types (~> 3.2)
  net-ldap (~> 0.10)
  nilsimsa!
  nokogiri (~> 1.10)
  nsa (~> 0.2)
  oj (~> 3.7)
  omniauth (~> 1.9)
  omniauth-cas (~> 1.1)
  omniauth-saml (~> 1.10)
  ox (~> 2.10)
  paperclip (~> 6.0)
  paperclip-av-transcoder (~> 0.6)
  parallel_tests (~> 2.29)
  pg (~> 1.1)
  pghero (~> 2.2)
  pkg-config (~> 1.3)
  posix-spawn!
  premailer-rails
  private_address_check (~> 0.5)
  pry-byebug (~> 3.7)
  pry-rails (~> 0.3)
  puma (~> 4.0)
  pundit (~> 2.0)
  rack!
  rack-attack (~> 6.1)
  rack-cors (~> 1.0)
  rails (~> 5.2.3)
  rails-controller-testing (~> 1.0)
  rails-i18n (~> 5.1)
  rails-settings-cached (~> 0.6)
  rdf-normalize (~> 0.3)
  redcarpet (~> 3.4)
  redis (~> 4.1)
  redis-namespace (~> 1.5)
  redis-rails (~> 5.0)
  reek
  rqrcode (~> 0.10)
  rspec-rails (~> 3.8)
  rspec-sidekiq (~> 3.0)
  rubocop (~> 0.71)
  rubocop-rails (~> 2.0)
  ruby-bbcode (~> 2.0)
  sanitize (~> 5.0)
  sidekiq (~> 5.2)
  sidekiq-bulk (~> 0.2.0)
  sidekiq-scheduler (~> 3.0)
  sidekiq-unique-jobs (~> 6.0)
  simple-navigation (~> 4.0)
  simple_form (~> 4.1)
  simplecov (~> 0.16)
  sixarm_ruby_unaccent (~> 1.2)
  sprockets-rails (~> 3.2)
  stoplight (~> 2.1.3)
  streamio-ffmpeg (~> 3.0)
  strong_migrations (~> 0.4)
  sun_calc (~> 0.1.0)
  sys-proctable (~> 1.2)
  thor (~> 0.20)
  tty-command (~> 0.8)
  tty-prompt (~> 0.19)
  twitter-text (~> 1.14)
  tzinfo-data (~> 1.2019)
  webmock (~> 3.5)
  webpacker (~> 4.0)
  webpush

RUBY VERSION
   ruby 2.6.1p33

BUNDLED WITH
   2.1.4
